PATH
  remote: .
  specs:
    alipay_mini (0.1.0)

GEM
  remote: https://gems.ruby-china.com/
  specs:
    addressable (2.5.2)
      public_suffix (>= 2.0.2, < 4.0)
    crack (0.4.3)
      safe_yaml (~> 1.0.0)
    hashdiff (0.3.7)
    minitest (5.11.3)
    public_suffix (3.0.3)
    rake (10.5.0)
    safe_yaml (1.0.4)
    webmock (3.4.2)
      addressable (>= 2.3.6)
      crack (>= 0.3.2)
      hashdiff

PLATFORMS
  ruby

DEPENDENCIES
  alipay_mini!
  bundler (~> 1.16)
  minitest (~> 5.0)
  rake (~> 10.0)
  webmock

BUNDLED WITH
   1.16.1
